PATH
  remote: .
  specs:
    docker-cleaner (0.7.0)
      docker-api (~> 2.0)

GEM
  remote: https://rubygems.org/
  specs:
    docker-api (2.4.0)
      excon (>= 0.64.0)
      multi_json
    excon (1.2.5)
      logger
    logger (1.7.0)
    multi_json (1.15.0)

PLATFORMS
  ruby

DEPENDENCIES
  docker-api
  docker-cleaner!
  excon (= 1.2.5)
  multi_json (= 1.15)

BUNDLED WITH
   2.2.17
