PATH
  remote: .
  specs:
    docker-cleaner (0.5.0)
      docker-api (~> 1.0)

GEM
  remote: https://rubygems.org/
  specs:
    docker-api (1.34.2)
      excon (>= 0.47.0)
      multi_json
    excon (0.90.0)
    multi_json (1.15.0)

PLATFORMS
  ruby

DEPENDENCIES
  docker-api (~> 1.18)
  docker-cleaner!

BUNDLED WITH
   2.1.4
