PATH
  remote: .
  specs:
    docker-cleaner (0.1)
      docker-api (~> 1.17)

GEM
  remote: https://rubygems.org/
  specs:
    archive-tar-minitar (0.5.2)
    docker-api (1.17.0)
      archive-tar-minitar
      excon (>= 0.38.0)
      json
    excon (0.44.4)
    json (1.8.2)

PLATFORMS
  ruby

DEPENDENCIES
  docker-cleaner!
