PATH
  remote: .
  specs:
    docker-cleaner (0.1)
      docker-api (~> 1.0)

GEM
  remote: https://rubygems.org/
  specs:
    docker-api (1.21.4)
      excon (>= 0.38.0)
      json
    excon (0.71.0)
    json (1.8.2)

PLATFORMS
  ruby

DEPENDENCIES
  docker-api (~> 1.18)
  docker-cleaner!

BUNDLED WITH
   1.12.5
